PATH
  remote: .
  specs:
    aws_s3_version_restorer (0.0.1)

GEM
  remote: https://rubygems.org/
  specs:
    aws-sdk (1.35.0)
      json (~> 1.4)
      nokogiri (>= 1.4.4)
      uuidtools (~> 2.1)
    diff-lcs (1.1.3)
    highline (1.6.20)
    json (1.8.1)
    mini_portile (0.5.2)
    mothership (0.5.1)
    nokogiri (1.6.1)
      mini_portile (~> 0.5.0)
    rake (10.1.1)
    rspec (2.9.0)
      rspec-core (~> 2.9.0)
      rspec-expectations (~> 2.9.0)
      rspec-mocks (~> 2.9.0)
    rspec-core (2.9.0)
    rspec-expectations (2.9.1)
      diff-lcs (~> 1.1.3)
    rspec-mocks (2.9.0)
    uuidtools (2.1.4)

PLATFORMS
  ruby

DEPENDENCIES
  aws-sdk (= 1.35)
  aws_s3_version_restorer!
  bundler (~> 1.3)
  highline
  mothership
  rake
  rspec (~> 2.9.0)
